GEM
  specs:
    em-hiredis (0.1.1)
      hiredis (~> 0.4.0)
    eventmachine (1.0.0.beta.4)
    hiredis (0.4.5)
    redis (2.2.2)

PLATFORMS
  ruby

DEPENDENCIES
  em-hiredis
  eventmachine (~> 1.0.0.beta.4)
  hiredis
  redis
